GEM
  remote: https://rubygems.org/
  specs:
    addressable (2.5.2)
      public_suffix (>= 2.0.2, < 4.0)
    colorize (0.8.1)
    concurrent-ruby (1.0.5)
    funtimes (0.4.0)
    i18n (1.0.0)
      concurrent-ruby (~> 1.0)
    launchy (2.4.3)
      addressable (~> 2.3)
    mini_portile2 (2.3.0)
    nokogiri (1.8.2)
      mini_portile2 (~> 2.3.0)
    public_suffix (3.0.2)
    ruby_emoji (1.0.0)
    terminal-table (1.8.0)
      unicode-display_width (~> 1.1, >= 1.1.1)
    unicode-display_width (1.3.0)
    zodiac (0.2.9)
      funtimes
      i18n

PLATFORMS
  ruby

DEPENDENCIES
  colorize
  launchy
  nokogiri
  ruby_emoji
  terminal-table
  zodiac

BUNDLED WITH
   1.16.1
